PATH
  remote: .
  specs:
    tinspitz (0.2.0)
      facter (= 1.6.2)

GEM
  remote: http://rubygems.org/
  specs:
    facter (1.6.2)
    rake (0.9.2.2)
    require_relative (1.0.3)

PLATFORMS
  ruby

DEPENDENCIES
  rake (= 0.9.2.2)
  require_relative (= 1.0.3)
  tinspitz!
