PATH
  remote: .
  specs:
    tinspitz (1.0.0)
      facter (= 1.6.2)
      minitest (= 3.2.0)

GEM
  remote: http://rubygems.org/
  specs:
    facter (1.6.2)
    ffi (1.0.11)
    guard (1.2.3)
      listen (>= 0.4.2)
      thor (>= 0.14.6)
    guard-minitest (0.5.0)
      guard (>= 0.4)
    listen (0.4.7)
      rb-fchange (~> 0.0.5)
      rb-fsevent (~> 0.9.1)
      rb-inotify (~> 0.8.8)
    minitest (3.2.0)
    rake (0.9.2.2)
    rb-fchange (0.0.5)
      ffi
    rb-fsevent (0.9.1)
    rb-inotify (0.8.8)
      ffi (>= 0.5.0)
    require_relative (1.0.3)
    thor (0.15.4)

PLATFORMS
  ruby

DEPENDENCIES
  guard (= 1.2.3)
  guard-minitest (= 0.5.0)
  rake (= 0.9.2.2)
  require_relative (= 1.0.3)
  tinspitz!
